GEM
  remote: https://rubygems.org/
  specs:
    daemons (1.2.3)

PLATFORMS
  ruby

DEPENDENCIES
  daemons (~> 1.2, >= 1.2.3)

BUNDLED WITH
   1.12.4
